GEM
  remote: https://rubygems.org/
  specs:
    bson (1.11.1)
    little-plugger (1.1.3)
    logging (1.8.2)
      little-plugger (>= 1.1.3)
      multi_json (>= 1.8.4)
    mongo (1.11.1)
      bson (= 1.11.1)
    multi_json (1.10.1)
    whatlanguage (1.0.5)

PLATFORMS
  ruby

DEPENDENCIES
  logging (~> 1.8.2)
  mongo
  whatlanguage
